GIT
  remote: git://github.com/KellyLSB/mailgun-rails.git
  revision: 0fe1b882feeeb350bb4f71099258efd8c1ebad70
  specs:
    mailgun-rails (0.2.0)
      actionmailer
      activesupport
      curb

GIT
  remote: git://github.com/brianmario/mysql2.git
  revision: 560bed8dc99ced8d5d1780bf1f69506e804884a8
  specs:
    mysql2 (0.3.12b4)

GEM
  remote: http://rubygems.org/
  specs:
    ZenTest (4.8.2)
    actionmailer (3.1.3)
      actionpack (= 3.1.3)
      mail (~> 2.3.0)
    actionpack (3.1.3)
      activemodel (= 3.1.3)
      activesupport (= 3.1.3)
      builder (~> 3.0.0)
      erubis (~> 2.7.0)
      i18n (~> 0.6)
      rack (~> 1.3.5)
      rack-cache (~> 1.1)
      rack-mount (~> 0.8.2)
      rack-test (~> 0.6.1)
      sprockets (~> 2.0.3)
    activemodel (3.1.3)
      activesupport (= 3.1.3)
      builder (~> 3.0.0)
      i18n (~> 0.6)
    activerecord (3.1.3)
      activemodel (= 3.1.3)
      activesupport (= 3.1.3)
      arel (~> 2.2.1)
      tzinfo (~> 0.3.29)
    activeresource (3.1.3)
      activemodel (= 3.1.3)
      activesupport (= 3.1.3)
    activesupport (3.1.3)
      multi_json (~> 1.0)
    arel (2.2.1)
    arrayfields (4.7.4)
    autotest-rails (4.1.2)
      ZenTest (~> 4.5)
    aws-s3 (0.6.3)
      builder
      mime-types
      xml-simple
    bj (1.0.1)
      main (>= 2.6.0)
      orderedhash (>= 0.0.3)
      systemu (>= 1.2.0)
    brakeman (1.8.0)
      activesupport
      erubis (~> 2.6)
      fastercsv (~> 1.5)
      haml (~> 3.0)
      highline (~> 1.6)
      i18n
      json_pure
      ruby2ruby (~> 1.2)
      ruby_parser (= 2.3.1)
      sass (~> 3.0)
      terminal-table (~> 1.4)
    builder (3.0.3)
    capistrano (2.13.3)
      highline
      net-scp (>= 1.0.0)
      net-sftp (>= 2.0.0)
      net-ssh (>= 2.0.14)
      net-ssh-gateway (>= 1.1.0)
    carrierwave (0.5.8)
      activesupport (~> 3.0)
    carrierwave_direct (0.0.7)
      carrierwave
      fog
      uuid
    chronic (0.7.0)
    clamp (0.4.0)
    cloudsponge (0.9.9)
      json (>= 1.6.1)
    cocaine (0.3.0)
    coffee-script (2.2.0)
      coffee-script-source
      execjs
    coffee-script-source (1.3.3)
    columnize (0.3.6)
    country_select (1.0.1)
    crack (0.3.1)
    curb (0.8.1)
    dalli (2.2.1)
    debugger (1.2.0)
      columnize (>= 0.3.1)
      debugger-linecache (~> 1.1.1)
      debugger-ruby_core_source (~> 1.1.3)
    debugger-linecache (1.1.2)
      debugger-ruby_core_source (>= 1.1.1)
    debugger-ruby_core_source (1.1.3)
    dnsruby (1.53)
    erubis (2.7.0)
    excon (0.16.2)
    execjs (1.4.0)
      multi_json (~> 1.0)
    fastercsv (1.5.5)
    fattr (2.2.1)
    fog (1.5.0)
      builder
      excon (~> 0.14)
      formatador (~> 0.2.0)
      mime-types
      multi_json (~> 1.0)
      net-scp (~> 1.0.4)
      net-ssh (>= 2.1.3)
      nokogiri (~> 1.5.0)
      ruby-hmac
    formatador (0.2.3)
    geocoder (1.1.3)
    geokit (1.6.0)
    gmaps4rails (0.10.2)
      crack
    haml (3.1.7)
    hashie (1.2.0)
    highline (1.6.14)
    hike (1.2.1)
    htmlentities (4.3.1)
    httparty (0.9.0)
      multi_json (~> 1.0)
      multi_xml
    httpclient (2.2.7)
    i18n (0.6.1)
    jquery-rails (2.1.2)
      railties (>= 3.1.0, < 5.0)
      thor (~> 0.14)
    jruby-pageant (1.1.1)
    json (1.7.5)
    json_pure (1.7.5)
    libv8 (3.3.10.4)
    linkedin (0.3.7)
      hashie (~> 1.2)
      multi_json (~> 1.0)
      oauth (~> 0.4)
    macaddr (1.6.1)
      systemu (~> 2.5.0)
    mail (2.3.3)
      i18n (>= 0.4.0)
      mime-types (~> 1.16)
      treetop (~> 1.4.8)
    main (5.1.0)
      arrayfields (>= 4.7.4)
      chronic (>= 0.6.2)
      fattr (>= 2.2.0)
      map (>= 5.1.0)
    map (6.2.0)
    mime-types (1.19)
    multi_json (1.3.6)
    multi_xml (0.5.1)
    multimap (1.1.2)
    net-scp (1.0.4)
      net-ssh (>= 1.99.1)
    net-sftp (2.0.5)
      net-ssh (>= 2.0.9)
    net-ssh (2.4.0)
      jruby-pageant (>= 1.0.2)
    net-ssh-gateway (1.1.0)
      net-ssh (>= 1.99.1)
    nifty-generators (0.4.6)
    nokogiri (1.5.5)
    oauth (0.4.7)
    open4 (1.3.0)
    orderedhash (0.0.6)
    os (0.9.6)
    paperclip (2.3.16)
      activerecord (>= 2.3.0)
      activesupport (>= 2.3.2)
      cocaine (>= 0.0.2)
      mime-types
    polyglot (0.3.3)
    pr_geohash (1.0.0)
    rack (1.3.6)
    rack-cache (1.2)
      rack (>= 0.4)
    rack-mount (0.8.3)
      rack (>= 1.0.0)
    rack-ssl (1.3.2)
      rack
    rack-test (0.6.1)
      rack (>= 1.0)
    rails (3.1.3)
      actionmailer (= 3.1.3)
      actionpack (= 3.1.3)
      activerecord (= 3.1.3)
      activeresource (= 3.1.3)
      activesupport (= 3.1.3)
      bundler (~> 1.0)
      railties (= 3.1.3)
    railties (3.1.3)
      actionpack (= 3.1.3)
      activesupport (= 3.1.3)
      rack-ssl (~> 1.3.2)
      rake (>= 0.8.7)
      rdoc (~> 3.4)
      thor (~> 0.14.6)
    rake (0.9.2.2)
    rdoc (3.12)
      json (~> 1.4)
    remotipart (0.4.2)
    rest-client (1.6.7)
      mime-types (>= 1.16)
    rinku (1.5.1)
    rmagick (2.13.1)
    rsolr (1.0.8)
      builder (>= 2.1.2)
    rubber (2.1.0)
      capistrano (~> 2.12)
      clamp
      fog (~> 1.5)
      json
      net-ssh (~> 2.4.0)
      open4
      thor
    ruby-hmac (0.4.0)
    ruby2ruby (1.3.1)
      ruby_parser (~> 2.0)
      sexp_processor (~> 3.0)
    ruby_parser (2.3.1)
      sexp_processor (~> 3.0)
    sass (3.2.1)
    scoped_search (2.4.0)
      activerecord (>= 2.1.0)
    sexp_processor (3.2.0)
    smart_tuple (0.1.2)
    sprockets (2.0.4)
      hike (~> 1.2)
      rack (~> 1.0)
      tilt (~> 1.1, != 1.3.0)
    squeel (0.8.9)
      activerecord (~> 3.0)
      activesupport (~> 3.0)
    sunspot (1.3.3)
      pr_geohash (~> 1.0)
      rsolr (~> 1.0.7)
    sunspot_rails (1.3.3)
      nokogiri
      sunspot (= 1.3.3)
    systemu (2.5.2)
    terminal-table (1.4.5)
    therubyracer (0.9.10)
      libv8 (~> 3.3.10)
    thor (0.14.6)
    tilt (1.3.3)
    tinymce-rails (3.5.6)
      railties (>= 3.1.1)
    treetop (1.4.10)
      polyglot
      polyglot (>= 0.3.1)
    tzinfo (0.3.33)
    uglifier (1.3.0)
      execjs (>= 0.3.0)
      multi_json (~> 1.0, >= 1.0.2)
    uuid (2.3.5)
      macaddr (~> 1.0)
    uuidtools (2.1.3)
    will_paginate (3.0.pre4)
    xml-simple (1.1.1)
    zencoder (2.4.2)
      multi_json

PLATFORMS
  ruby

DEPENDENCIES
  ZenTest
  arel (= 2.2.1)
  autotest-rails
  aws-s3
  bj
  brakeman
  carrierwave
  carrierwave_direct
  cloudsponge (~> 0.9.9)
  coffee-script
  country_select
  dalli
  debugger
  dnsruby
  fog
  geocoder
  geokit (= 1.6.0)
  gmaps4rails (~> 0.10.2)
  htmlentities
  httparty
  httpclient
  jquery-rails
  linkedin
  mailgun-rails!
  multimap
  mysql2!
  nifty-generators
  nokogiri
  oauth
  open4
  os (~> 0.9.6)
  paperclip (~> 2.3.12)
  rails (= 3.1.3)
  remotipart (~> 0.4.1)
  rest-client
  rinku (~> 1.5.1)
  rmagick
  rubber
  scoped_search
  smart_tuple
  sprockets
  squeel (= 0.8.9)
  sunspot_rails
  therubyracer (~> 0.9.3.beta1)
  tinymce-rails
  uglifier
  uuidtools
  will_paginate (= 3.0.pre4)
  zencoder (~> 2.4.0)
