GEM
  remote: http://rubygems.org/
  specs:
    actionmailer (3.1.3)
      actionpack (= 3.1.3)
      mail (~> 2.3.0)
    actionpack (3.1.3)
      activemodel (= 3.1.3)
      activesupport (= 3.1.3)
      builder (~> 3.0.0)
      erubis (~> 2.7.0)
      i18n (~> 0.6)
      rack (~> 1.3.5)
      rack-cache (~> 1.1)
      rack-mount (~> 0.8.2)
      rack-test (~> 0.6.1)
      sprockets (~> 2.0.3)
    activemodel (3.1.3)
      activesupport (= 3.1.3)
      builder (~> 3.0.0)
      i18n (~> 0.6)
    activerecord (3.1.3)
      activemodel (= 3.1.3)
      activesupport (= 3.1.3)
      arel (~> 2.2.1)
      tzinfo (~> 0.3.29)
    activeresource (3.1.3)
      activemodel (= 3.1.3)
      activesupport (= 3.1.3)
    activesupport (3.1.3)
      multi_json (~> 1.0)
    arel (2.2.1)
    arrayfields (4.7.4)
    aws-s3 (0.6.2)
      builder
      mime-types
      xml-simple
    bj (1.0.1)
      main (>= 2.6.0)
      orderedhash (>= 0.0.3)
      systemu (>= 1.2.0)
    builder (3.0.0)
    carrierwave (0.5.8)
      activesupport (~> 3.0)
    carrierwave_direct (0.0.2)
      carrierwave
      fog
      uuid
    chronic (0.6.6)
    cocaine (0.2.0)
    coffee-script (2.2.0)
      coffee-script-source
      execjs
    coffee-script-source (1.1.3)
    crack (0.3.1)
    erubis (2.7.0)
    escape (0.0.4)
    excon (0.6.5)
    execjs (1.2.12)
      multi_json (~> 1.0)
    fattr (2.2.0)
    fog (0.8.2)
      builder
      excon (~> 0.6.1)
      formatador (>= 0.1.3)
      json
      mime-types
      net-ssh (>= 2.1.3)
      nokogiri (>= 1.4.4)
      ruby-hmac
    formatador (0.2.1)
    geokit (1.6.0)
    gmaps4rails (0.10.2)
      crack
    hike (1.2.1)
    httpclient (2.2.4)
    i18n (0.6.0)
    jquery-rails (1.0.19)
      railties (~> 3.0)
      thor (~> 0.14)
    json (1.6.3)
    macaddr (1.5.0)
      systemu (>= 2.4.0)
    mail (2.3.0)
      i18n (>= 0.4.0)
      mime-types (~> 1.16)
      treetop (~> 1.4.8)
    main (4.8.0)
      arrayfields (~> 4.7.4)
      chronic (~> 0.6.2)
      fattr (~> 2.2.0)
      map (~> 4.3.0)
    map (4.3.0)
    mime-types (1.17.2)
    multi_json (1.0.4)
    mysql2 (0.3.11)
    net-ssh (2.1.4)
    nifty-generators (0.4.6)
    nokogiri (1.5.0)
    oauth (0.4.5)
    orderedhash (0.0.6)
    paperclip (2.3.16)
      activerecord (>= 2.3.0)
      activesupport (>= 2.3.2)
      cocaine (>= 0.0.2)
      mime-types
    pg (0.12.0)
      rake-compiler (~> 0.7)
    polyglot (0.3.3)
    pr_geohash (1.0.0)
    rack (1.3.5)
    rack-cache (1.1)
      rack (>= 0.4)
    rack-mount (0.8.3)
      rack (>= 1.0.0)
    rack-ssl (1.3.2)
      rack
    rack-test (0.6.1)
      rack (>= 1.0)
    rails (3.1.3)
      actionmailer (= 3.1.3)
      actionpack (= 3.1.3)
      activerecord (= 3.1.3)
      activeresource (= 3.1.3)
      activesupport (= 3.1.3)
      bundler (~> 1.0)
      railties (= 3.1.3)
    railties (3.1.3)
      actionpack (= 3.1.3)
      activesupport (= 3.1.3)
      rack-ssl (~> 1.3.2)
      rake (>= 0.8.7)
      rdoc (~> 3.4)
      thor (~> 0.14.6)
    rake (0.9.2.2)
    rake-compiler (0.7.9)
      rake
    rdoc (3.11)
      json (~> 1.4)
    remotipart (0.4.2)
    rest-client (1.6.7)
      mime-types (>= 1.16)
    rinku (1.2.2)
    rsolr (1.0.6)
      builder (>= 2.1.2)
    ruby-hmac (0.4.0)
    scoped_search (2.3.6)
      activerecord (>= 2.1.0)
    sprockets (2.0.3)
      hike (~> 1.2)
      rack (~> 1.0)
      tilt (~> 1.1, != 1.3.0)
    squeel (0.8.9)
      activerecord (~> 3.0)
      activesupport (~> 3.0)
    sunspot (1.3.0)
      escape (~> 0.0.4)
      pr_geohash (~> 1.0)
      rsolr (~> 1.0.6)
    sunspot_rails (1.3.0)
      nokogiri
      sunspot (= 1.3.0)
    systemu (2.4.1)
    therubyracer-heroku (0.8.1.pre3)
    thor (0.14.6)
    tilt (1.3.3)
    tinymce-rails (3.4.7)
      railties (~> 3.1.0)
    treetop (1.4.10)
      polyglot
      polyglot (>= 0.3.1)
    tzinfo (0.3.31)
    uglifier (1.1.0)
      execjs (>= 0.3.0)
      multi_json (>= 1.0.2)
    uuid (2.3.4)
      macaddr (~> 1.0)
    uuidtools (2.1.2)
    viddler-ruby (0.1.1)
      activesupport (> 2.3.0)
      json
      rest-client
    will_paginate (3.0.pre4)
    xml-simple (1.1.1)

PLATFORMS
  ruby

DEPENDENCIES
  arel (= 2.2.1)
  aws-s3
  bj
  carrierwave
  carrierwave_direct
  coffee-script
  fog
  geokit (= 1.6.0)
  gmaps4rails (~> 0.10.2)
  httpclient
  jquery-rails
  mysql2
  nifty-generators
  nokogiri
  oauth
  paperclip (~> 2.3.12)
  pg
  rails (= 3.1.3)
  remotipart (~> 0.4.1)
  rinku (~> 1.2.2)
  scoped_search
  sprockets
  squeel (= 0.8.9)
  sunspot_rails
  therubyracer-heroku (= 0.8.1.pre3)
  tinymce-rails
  uglifier
  uuidtools
  viddler-ruby
  will_paginate (= 3.0.pre4)
